PATH
  remote: .
  specs:
    waqi (0.1.0)
      faraday (~> 2.0)

GEM
  remote: https://rubygems.org/
  specs:
    base64 (0.1.1)
    faraday (2.7.11)
      base64
      faraday-net_http (>= 2.0, < 3.1)
      ruby2_keywords (>= 0.0.4)
    faraday-net_http (3.0.2)
    rake (13.0.6)
    ruby2_keywords (0.0.5)

PLATFORMS
  x86_64-darwin-21

DEPENDENCIES
  rake (~> 13.0)
  waqi!

BUNDLED WITH
   2.4.19
